GIT
  remote: https://gitlab.com/taxdome/forks/rubocop-taxdome.git
  revision: c0f1e8dd8baad3b0f4fedff80b3dba16751269be
  branch: main
  specs:
    rubocop-taxdome (0.1.0)
      rubocop

GEM
  remote: https://rubygems.org/
  specs:
    ast (2.4.2)
    coderay (1.1.3)
    diff-lcs (1.5.0)
    method_source (1.0.0)
    parallel (1.21.0)
    parser (3.0.3.1)
      ast (~> 2.4.1)
    pry (0.14.1)
      coderay (~> 1.1)
      method_source (~> 1.0)
    rack (3.0.0.beta1)
    rackup (0.2.2)
      rack (>= 3.0.0.beta1)
      webrick
    rainbow (3.0.0)
    redis (4.7.1)
    regexp_parser (1.8.2)
    rexml (3.2.5)
    rspec (3.11.0)
      rspec-core (~> 3.11.0)
      rspec-expectations (~> 3.11.0)
      rspec-mocks (~> 3.11.0)
    rspec-core (3.11.0)
      rspec-support (~> 3.11.0)
    rspec-expectations (3.11.1)
      diff-lcs (>= 1.2.0, < 2.0)
      rspec-support (~> 3.11.0)
    rspec-mocks (3.11.1)
      diff-lcs (>= 1.2.0, < 2.0)
      rspec-support (~> 3.11.0)
    rspec-support (3.11.1)
    rubocop (1.23.0)
      parallel (~> 1.10)
      parser (>= 3.0.0.0)
      rainbow (>= 2.2.2, < 4.0)
      regexp_parser (>= 1.8, < 3.0)
      rexml
      rubocop-ast (>= 1.12.0, < 2.0)
      ruby-progressbar (~> 1.7)
      unicode-display_width (>= 1.4.0, < 3.0)
    rubocop-ast (1.14.0)
      parser (>= 3.0.1.1)
    ruby-progressbar (1.11.0)
    unicode-display_width (2.1.0)
    webrick (1.7.0)

PLATFORMS
  ruby

DEPENDENCIES
  pry
  rack (= 3.0.0.beta1)
  rackup (~> 0.2.2)
  redis (~> 4.7)
  rspec
  rubocop-taxdome!

RUBY VERSION
   ruby 2.7.4p191

BUNDLED WITH
   2.1.4
