GEM
  remote: https://rubygems.org/
  specs:
    coderay (1.1.3)
    method_source (1.0.0)
    pry (0.14.1)
      coderay (~> 1.1)
      method_source (~> 1.0)
    rack (3.0.0.beta1)
    rackup (0.2.2)
      rack (>= 3.0.0.beta1)
      webrick
    webrick (1.7.0)

PLATFORMS
  ruby

DEPENDENCIES
  pry
  rack (= 3.0.0.beta1)
  rackup (~> 0.2.2)

RUBY VERSION
   ruby 2.7.4p191

BUNDLED WITH
   2.1.4
