GEM
  remote: https://rubygems.org/
  specs:
    rack (3.0.0.beta1)
    rackup (0.2.2)
      rack (>= 3.0.0.beta1)
      webrick
    webrick (1.7.0)

PLATFORMS
  ruby

DEPENDENCIES
  rack (= 3.0.0.beta1)
  rackup (~> 0.2.2)

RUBY VERSION
   ruby 2.7.4p191

BUNDLED WITH
   2.1.4
